PATH
  remote: .
  specs:
    activeadmin-theme (1.0.3)

GEM
  remote: https://rubygems.org/
  specs:
    rake (10.4.2)

PLATFORMS
  ruby

DEPENDENCIES
  activeadmin-theme!
  bundler (~> 1.7)
  rake (~> 10.0)
