PATH
  remote: .
  specs:
    active_admin_theme (1.0.2)

GEM
  remote: https://rubygems.org/
  specs:
    rake (10.4.2)

PLATFORMS
  ruby

DEPENDENCIES
  active_admin_theme!
  bundler (~> 1.7)
  rake (~> 10.0)
